GEM
  remote: http://rubygems.org/
  specs:
    addressable (2.2.8)
    chunky_png (1.2.5)
    compass (0.12.1)
      chunky_png (~> 1.2)
      fssm (>= 0.2.7)
      sass (~> 3.1)
    excon (0.13.4)
    ffi (1.0.11)
    fssm (0.2.9)
    haml (3.1.6)
    heroku (2.26.2)
      heroku-api (~> 0.2.1)
      launchy (>= 0.3.2)
      netrc (~> 0.7.2)
      rest-client (~> 1.6.1)
      rubyzip
    heroku-api (0.2.1)
      excon (~> 0.13.3)
    json (1.7.3)
    launchy (2.1.0)
      addressable (~> 2.2.6)
    mime-types (1.18)
    netrc (0.7.2)
    rack (1.4.1)
    rack-protection (1.2.0)
      rack
    rest-client (1.6.7)
      mime-types (>= 1.16)
    rubyzip (0.9.8)
    sass (3.1.19)
    scrapi (2.0.0)
      tidy_ffi (>= 0.1.2)
    sinatra (1.3.2)
      rack (~> 1.3, >= 1.3.6)
      rack-protection (~> 1.2)
      tilt (~> 1.3, >= 1.3.3)
    tidy_ffi (0.1.4)
      ffi (>= 0.3.5)
    tilt (1.3.3)

PLATFORMS
  ruby

DEPENDENCIES
  compass
  haml
  heroku
  json
  scrapi
  sinatra
