GEM
  remote: http://rubygems.org/
  specs:
    ffi (1.0.11)
    haml (3.1.6)
    json (1.7.3)
    rack (1.4.1)
    rack-protection (1.2.0)
      rack
    scrapi (2.0.0)
      tidy_ffi (>= 0.1.2)
    sinatra (1.3.2)
      rack (~> 1.3, >= 1.3.6)
      rack-protection (~> 1.2)
      tilt (~> 1.3, >= 1.3.3)
    tidy_ffi (0.1.4)
      ffi (>= 0.3.5)
    tilt (1.3.3)

PLATFORMS
  ruby

DEPENDENCIES
  haml
  json
  scrapi
  sinatra
