GEM
  remote: http://rubygems.org/
  specs:
    chunky_png (1.2.5)
    compass (0.12.1)
      chunky_png (~> 1.2)
      fssm (>= 0.2.7)
      sass (~> 3.1)
    ffi (1.0.11)
    fssm (0.2.9)
    haml (3.1.6)
    json (1.7.3)
    rack (1.4.1)
    rack-protection (1.2.0)
      rack
    sass (3.1.19)
    scrapi (2.0.0)
      tidy_ffi (>= 0.1.2)
    sinatra (1.3.2)
      rack (~> 1.3, >= 1.3.6)
      rack-protection (~> 1.2)
      tilt (~> 1.3, >= 1.3.3)
    tidy_ffi (0.1.4)
      ffi (>= 0.3.5)
    tilt (1.3.3)

PLATFORMS
  ruby

DEPENDENCIES
  compass
  haml
  json
  scrapi
  sinatra
